GEM
  remote: https://rubygems.org/
  specs:
    power_assert (0.3.0)
    rake (11.1.2)
    string-utility (2.7.2)
    test-unit (3.1.8)
      power_assert

PLATFORMS
  ruby

DEPENDENCIES
  rake (~> 11.1)
  string-utility (~> 2)
  test-unit (~> 3.1)

BUNDLED WITH
   1.11.2
