GEM
  remote: https://rubygems.org/
  specs:
    power_assert (0.3.0)
    rake (11.1.2)
    string-utility (3.0.0)
    test-unit (3.1.8)
      power_assert

PLATFORMS
  ruby

DEPENDENCIES
  rake (~> 11.1)
  string-utility (~> 3)
  test-unit (~> 3.1)

RUBY VERSION
   ruby 2.4.0p0

BUNDLED WITH
   1.14.4
